PATH
  remote: .
  specs:
    plamo (0.3.0)

GEM
  remote: https://rubygems.org/
  specs:
    rake (13.0.1)
    rake-compiler (1.0.7)
      rake

PLATFORMS
  ruby

DEPENDENCIES
  bundler (~> 2.0)
  plamo!
  rake (~> 13.0)
  rake-compiler

BUNDLED WITH
   2.1.4
